GIT
  remote: https://github.com/cloudfoundry/bosh.git
  revision: 42748a613ef28e18f6ab8c742d527d30e749afa6
  submodules: true
  specs:
    blobstore_client (1.5.0.pre.1525)
      aws-sdk (= 1.8.5)
      bosh_common (~> 1.5.0.pre.1525)
      fog (~> 1.14.0)
      httpclient (= 2.2.4)
      multi_json (~> 1.1)
      ruby-atmos-pure (~> 1.0.5)
    bosh-core (1.5.0.pre.1525)
      gibberish (~> 1.2.0)
      yajl-ruby (~> 1.1.0)
    bosh-director (1.5.0.pre.1525)
      bcrypt-ruby (~> 3.0.1)
      blobstore_client (~> 1.5.0.pre.1525)
      bosh-core (~> 1.5.0.pre.1525)
      bosh_aws_cpi (~> 1.5.0.pre.1525)
      bosh_common (~> 1.5.0.pre.1525)
      bosh_cpi (~> 1.5.0.pre.1525)
      bosh_openstack_cpi (~> 1.5.0.pre.1525)
      bosh_vcloud_cpi (~> 0.4.9)
      bosh_vsphere_cpi (~> 1.5.0.pre.1525)
      eventmachine (~> 0.12.9)
      fog (~> 1.14.0)
      httpclient (= 2.2.4)
      nats (~> 0.4.28)
      netaddr (~> 1.5.0)
      rack-test (~> 0.6.2)
      rake (~> 10.0.3)
      redis (~> 3.0.2)
      resque (~> 1.23.0)
      rufus-scheduler (~> 2.0.18)
      sequel (~> 3.43.0)
      sinatra (~> 1.4.2)
      sys-filesystem (~> 1.1.0)
      thin (~> 1.5.0)
      yajl-ruby (~> 1.1.0)
    bosh-registry (1.5.0.pre.1525)
      aws-sdk (= 1.8.5)
      fog (~> 1.14.0)
      sequel (~> 3.43.0)
      sinatra (~> 1.4.2)
      thin (~> 1.5.0)
      yajl-ruby (~> 1.1.0)
    bosh-stemcell (1.5.0.pre.1525)
      bosh_aws_cpi (~> 1.5.0.pre.1525)
    bosh_agent (1.5.0.pre.1525)
      blobstore_client (~> 1.5.0.pre.1525)
      bosh-core (~> 1.5.0.pre.1525)
      bosh_common (~> 1.5.0.pre.1525)
      crack (~> 0.3.2)
      httpclient (= 2.2.4)
      nats (~> 0.4.28)
      netaddr (~> 1.5.0)
      sigar (~> 0.7.2)
      sinatra (~> 1.4.2)
      syslog_protocol (~> 0.9.2)
      thin (~> 1.5.0)
      yajl-ruby (~> 1.1.0)
    bosh_aws_cpi (1.5.0.pre.1525)
      aws-sdk (= 1.8.5)
      bosh-registry (~> 1.5.0.pre.1525)
      bosh_common (~> 1.5.0.pre.1525)
      bosh_cpi (~> 1.5.0.pre.1525)
      httpclient (= 2.2.4)
      yajl-ruby (>= 0.8.2)
    bosh_cli (1.5.0.pre.1525)
      blobstore_client (~> 1.5.0.pre.1525)
      bosh_common (~> 1.5.0.pre.1525)
      highline (~> 1.6.2)
      httpclient (= 2.2.4)
      json_pure (~> 1.7)
      minitar (~> 0.5.4)
      net-scp (~> 1.1.0)
      net-ssh (>= 2.2.1)
      net-ssh-gateway (~> 1.1.0)
      netaddr (~> 1.5.0)
      progressbar (~> 0.9.0)
      terminal-table (~> 1.4.3)
    bosh_common (1.5.0.pre.1525)
    bosh_cpi (1.5.0.pre.1525)
      bosh_common (~> 1.5.0.pre.1525)
    bosh_openstack_cpi (1.5.0.pre.1525)
      bosh-registry (~> 1.5.0.pre.1525)
      bosh_common (~> 1.5.0.pre.1525)
      bosh_cpi (~> 1.5.0.pre.1525)
      fog (~> 1.14.0)
      httpclient (= 2.2.4)
      yajl-ruby (>= 0.8.2)
    bosh_vsphere_cpi (1.5.0.pre.1525)
      bosh_common (~> 1.5.0.pre.1525)
      bosh_cpi (~> 1.5.0.pre.1525)
      membrane (~> 0.0.2)
      sequel (~> 3.43.0)

GEM
  remote: http://rubygems.org/
  specs:
    atomic (1.1.14)
    aws-sdk (1.8.5)
      json (~> 1.4)
      nokogiri (>= 1.4.4)
      uuidtools (~> 2.1)
    bcrypt-ruby (3.0.1)
    bosh_vcloud_cpi (0.4.9)
      bosh_common
      bosh_cpi (>= 0.4.2)
      ruby_vcloud_sdk
      uuidtools
      yajl-ruby (>= 0.8.2)
    builder (3.2.2)
    crack (0.3.2)
    daemons (1.1.9)
    diff-lcs (1.2.5)
    eventmachine (0.12.10)
    excon (0.25.3)
    ffi (1.9.3)
    fog (1.14.0)
      builder
      excon (~> 0.25.0)
      formatador (~> 0.2.0)
      mime-types
      multi_json (~> 1.0)
      net-scp (~> 1.1)
      net-ssh (>= 2.1.3)
      nokogiri (~> 1.5)
      ruby-hmac
    formatador (0.2.4)
    gibberish (1.2.2)
    highline (1.6.20)
    httpclient (2.2.4)
    json (1.8.1)
    json_pure (1.8.1)
    log4r (1.1.10)
    membrane (0.0.2)
    mime-types (2.0)
    mini_portile (0.5.2)
    minitar (0.5.4)
    multi_json (1.8.2)
    nats (0.4.28)
      daemons (>= 1.1.5)
      eventmachine (= 0.12.10)
      json_pure (>= 1.7.3)
      thin (>= 1.4.1)
    net-scp (1.1.2)
      net-ssh (>= 2.6.5)
    net-ssh (2.7.0)
    net-ssh-gateway (1.1.0)
      net-ssh (>= 1.99.1)
    netaddr (1.5.0)
    nokogiri (1.6.1)
      mini_portile (~> 0.5.0)
    progressbar (0.9.2)
    rack (1.5.2)
    rack-protection (1.5.1)
      rack
    rack-test (0.6.2)
      rack (>= 1.0)
    rake (10.0.4)
    redis (3.0.6)
    redis-namespace (1.4.1)
      redis (~> 3.0.4)
    resque (1.23.1)
      multi_json (~> 1.0)
      redis-namespace (~> 1.0)
      sinatra (>= 0.9.2)
      vegas (~> 0.1.2)
    rest-client (1.6.7)
      mime-types (>= 1.16)
    rspec (2.14.1)
      rspec-core (~> 2.14.0)
      rspec-expectations (~> 2.14.0)
      rspec-mocks (~> 2.14.0)
    rspec-core (2.14.7)
    rspec-expectations (2.14.4)
      diff-lcs (>= 1.1.3, < 2.0)
    rspec-mocks (2.14.4)
    ruby-atmos-pure (1.0.5)
      log4r (>= 1.1.9)
      ruby-hmac (>= 0.4.0)
    ruby-hmac (0.4.0)
    ruby_vcloud_sdk (0.4.8)
      builder
      httpclient
      nokogiri (~> 1.5)
      rest-client
    rufus-scheduler (2.0.24)
      tzinfo (>= 0.3.22)
    sequel (3.43.0)
    sigar (0.7.2)
    sinatra (1.4.4)
      rack (~> 1.4)
      rack-protection (~> 1.4)
      tilt (~> 1.3, >= 1.3.4)
    sys-filesystem (1.1.1)
      ffi
    syslog_protocol (0.9.2)
    terminal-table (1.4.5)
    thin (1.5.1)
      daemons (>= 1.0.9)
      eventmachine (>= 0.12.6)
      rack (>= 1.0.0)
    thread_safe (0.1.3)
      atomic
    tilt (1.4.1)
    tzinfo (1.1.0)
      thread_safe (~> 0.1)
    uuidtools (2.1.4)
    vegas (0.1.11)
      rack (>= 1.0.0)
    yajl-ruby (1.1.0)

PLATFORMS
  ruby

DEPENDENCIES
  blobstore_client!
  bosh-core!
  bosh-director!
  bosh-stemcell!
  bosh_agent!
  bosh_cli!
  bosh_common!
  rake
  rspec
