GIT
  remote: https://github.com/cloudfoundry/bosh.git
  revision: f694e3d244075e6a6d5e5bf34a6528f9d52599a0
  submodules: true
  specs:
    blobstore_client (1.5.0.pre.3)
      aws-sdk (= 1.8.5)
      bosh_common (~> 1.5.0.pre.3)
      fog (~> 1.14.0)
      httpclient (= 2.2.4)
      multi_json (~> 1.1)
      ruby-atmos-pure (~> 1.0.5)
    bosh_agent (1.5.0.pre.3)
      blobstore_client (~> 1.5.0.pre.3)
      bosh_common (~> 1.5.0.pre.3)
      bosh_encryption (~> 1.5.0.pre.3)
      httpclient (= 2.2.4)
      monit_api (~> 1.5.0.pre.3)
      nats (~> 0.4.28)
      netaddr (~> 1.5.0)
      sigar (~> 0.7.2)
      sinatra (~> 1.4.2)
      syslog_protocol (~> 0.9.2)
      thin (~> 1.5.0)
      yajl-ruby (~> 1.1.0)
    bosh_aws_cpi (1.5.0.pre.3)
      aws-sdk (= 1.8.5)
      bosh_common (~> 1.5.0.pre.3)
      bosh_cpi (~> 1.5.0.pre.3)
      bosh_registry (~> 1.5.0.pre.3)
      httpclient (= 2.2.4)
      yajl-ruby (>= 0.8.2)
    bosh_cli (1.5.0.pre.3)
      blobstore_client (~> 1.5.0.pre.3)
      bosh_common (~> 1.5.0.pre.3)
      highline (~> 1.6.2)
      httpclient (= 2.2.4)
      json_pure (~> 1.7)
      minitar (~> 0.5.4)
      net-scp (~> 1.1.0)
      net-ssh (>= 2.2.1)
      net-ssh-gateway (~> 1.1.0)
      netaddr (~> 1.5.0)
      progressbar (~> 0.9.0)
      terminal-table (~> 1.4.3)
    bosh_common (1.5.0.pre.3)
    bosh_cpi (1.5.0.pre.3)
      bosh_common (~> 1.5.0.pre.3)
    bosh_encryption (1.5.0.pre.3)
      gibberish (~> 1.2.0)
      yajl-ruby (~> 1.1.0)
    bosh_openstack_cpi (1.5.0.pre.3)
      bosh_common (~> 1.5.0.pre.3)
      bosh_cpi (~> 1.5.0.pre.3)
      bosh_registry (~> 1.5.0.pre.3)
      fog (~> 1.14.0)
      httpclient (= 2.2.4)
      yajl-ruby (>= 0.8.2)
    bosh_registry (1.5.0.pre.3)
      aws-sdk (= 1.8.5)
      fog (~> 1.14.0)
      sequel (~> 3.43.0)
      sinatra (~> 1.4.2)
      thin (~> 1.5.0)
      yajl-ruby (~> 1.1.0)
    bosh_vsphere_cpi (1.5.0.pre.3)
      bosh_common (~> 1.5.0.pre.3)
      bosh_cpi (~> 1.5.0.pre.3)
      membrane (~> 0.0.2)
      ruby_vim_sdk (~> 1.5.0.pre.3)
      sequel (~> 3.43.0)
    director (1.5.0.pre.3)
      bcrypt-ruby (~> 3.0.1)
      blobstore_client (~> 1.5.0.pre.3)
      bosh_aws_cpi (~> 1.5.0.pre.3)
      bosh_common (~> 1.5.0.pre.3)
      bosh_cpi (~> 1.5.0.pre.3)
      bosh_encryption (~> 1.5.0.pre.3)
      bosh_openstack_cpi (~> 1.5.0.pre.3)
      bosh_vcloud_cpi (~> 0.4.9)
      bosh_vsphere_cpi (~> 1.5.0.pre.3)
      eventmachine (~> 0.12.9)
      fog (~> 1.14.0)
      httpclient (= 2.2.4)
      nats (~> 0.4.28)
      netaddr (~> 1.5.0)
      rack-test (~> 0.6.2)
      rake (~> 10.0.3)
      redis (~> 3.0.2)
      resque (~> 1.23.0)
      rufus-scheduler (~> 2.0.18)
      sequel (~> 3.43.0)
      sinatra (~> 1.4.2)
      sys-filesystem (~> 1.1.0)
      thin (~> 1.5.0)
      yajl-ruby (~> 1.1.0)
    monit_api (1.5.0.pre.3)
      crack (~> 0.3.2)
    ruby_vim_sdk (1.5.0.pre.3)
      builder (~> 3.1.4)
      httpclient (= 2.2.4)
      nokogiri (~> 1.5.6)

GEM
  remote: http://rubygems.org/
  specs:
    aws-sdk (1.8.5)
      json (~> 1.4)
      nokogiri (>= 1.4.4)
      uuidtools (~> 2.1)
    bcrypt-ruby (3.0.1)
    bosh_vcloud_cpi (0.4.9)
      bosh_common
      bosh_cpi (>= 0.4.2)
      ruby_vcloud_sdk
      uuidtools
      yajl-ruby (>= 0.8.2)
    builder (3.1.4)
    crack (0.3.2)
    daemons (1.1.9)
    diff-lcs (1.2.4)
    eventmachine (0.12.10)
    excon (0.25.3)
    ffi (1.9.0)
    fog (1.14.0)
      builder
      excon (~> 0.25.0)
      formatador (~> 0.2.0)
      mime-types
      multi_json (~> 1.0)
      net-scp (~> 1.1)
      net-ssh (>= 2.1.3)
      nokogiri (~> 1.5)
      ruby-hmac
    formatador (0.2.4)
    gibberish (1.2.2)
    highline (1.6.19)
    httpclient (2.2.4)
    json (1.8.0)
    json_pure (1.8.0)
    log4r (1.1.10)
    membrane (0.0.2)
    mime-types (1.24)
    minitar (0.5.4)
    multi_json (1.7.9)
    nats (0.4.28)
      daemons (>= 1.1.5)
      eventmachine (= 0.12.10)
      json_pure (>= 1.7.3)
      thin (>= 1.4.1)
    net-scp (1.1.2)
      net-ssh (>= 2.6.5)
    net-ssh (2.6.8)
    net-ssh-gateway (1.1.0)
      net-ssh (>= 1.99.1)
    netaddr (1.5.0)
    nokogiri (1.5.10)
    progressbar (0.9.2)
    rack (1.5.2)
    rack-protection (1.5.0)
      rack
    rack-test (0.6.2)
      rack (>= 1.0)
    rake (10.0.4)
    redis (3.0.4)
    redis-namespace (1.3.1)
      redis (~> 3.0.0)
    resque (1.23.1)
      multi_json (~> 1.0)
      redis-namespace (~> 1.0)
      sinatra (>= 0.9.2)
      vegas (~> 0.1.2)
    rest-client (1.6.7)
      mime-types (>= 1.16)
    rspec (2.14.1)
      rspec-core (~> 2.14.0)
      rspec-expectations (~> 2.14.0)
      rspec-mocks (~> 2.14.0)
    rspec-core (2.14.5)
    rspec-expectations (2.14.2)
      diff-lcs (>= 1.1.3, < 2.0)
    rspec-mocks (2.14.3)
    ruby-atmos-pure (1.0.5)
      log4r (>= 1.1.9)
      ruby-hmac (>= 0.4.0)
    ruby-hmac (0.4.0)
    ruby_vcloud_sdk (0.4.8)
      builder
      httpclient
      nokogiri (~> 1.5)
      rest-client
    rufus-scheduler (2.0.23)
      tzinfo (>= 0.3.23)
    sequel (3.43.0)
    sigar (0.7.2)
    sinatra (1.4.3)
      rack (~> 1.4)
      rack-protection (~> 1.4)
      tilt (~> 1.3, >= 1.3.4)
    sys-filesystem (1.1.0)
      ffi
    syslog_protocol (0.9.2)
    terminal-table (1.4.5)
    thin (1.5.1)
      daemons (>= 1.0.9)
      eventmachine (>= 0.12.6)
      rack (>= 1.0.0)
    tilt (1.4.1)
    tzinfo (1.0.1)
    uuidtools (2.1.4)
    vegas (0.1.11)
      rack (>= 1.0.0)
    yajl-ruby (1.1.0)

PLATFORMS
  ruby

DEPENDENCIES
  blobstore_client!
  bosh_agent!
  bosh_cli!
  bosh_common!
  director!
  rake
  rspec
